GEM
  remote: https://rubygems.org/
  specs:
    minitest (5.24.1)

PLATFORMS
  ruby
  x86_64-darwin-23

DEPENDENCIES
  minitest

BUNDLED WITH
   2.5.14
