GEM
  remote: https://rubygems.org/
  specs:
    json (2.7.2)
    minitest (5.24.1)

PLATFORMS
  ruby
  x86_64-darwin-23

DEPENDENCIES
  json
  minitest

BUNDLED WITH
   2.5.14
